PATH
  remote: .
  specs:
    qr4r (0.4.0)
      mojo_magick
      rqrcode

PATH
  remote: /projects/mojo_magick
  specs:
    mojo_magick (0.5.4)

GEM
  remote: https://rubygems.org/
  specs:
    rake (10.1.0)
    rqrcode (0.4.2)

PLATFORMS
  ruby

DEPENDENCIES
  mojo_magick!
  qr4r!
  rake
