PATH
  remote: .
  specs:
    qr4r (0.4.0)
      mojo_magick
      rqrcode

GEM
  remote: https://rubygems.org/
  specs:
    chunky_png (1.3.5)
    mojo_magick (0.5.6)
    rake (11.1.2)
    rqrcode (0.10.1)
      chunky_png (~> 1.0)

PLATFORMS
  ruby

DEPENDENCIES
  qr4r!
  rake
