PATH
  remote: .
  specs:
    qr4r (0.4.0)
      mojo_magick
      rqrcode

GEM
  remote: https://rubygems.org/
  specs:
    mojo_magick (0.5.4)
    rake (10.1.0)
    rqrcode (0.4.2)

PLATFORMS
  ruby

DEPENDENCIES
  qr4r!
  rake
